GEM
  remote: https://rubygems.org/
  specs:
    dotenv (2.0.2)
    pg (0.18.4)

PLATFORMS
  ruby

DEPENDENCIES
  dotenv
  pg (~> 0.18.4)

BUNDLED WITH
   1.10.6
