GEM
  remote: https://rubygems.org/
  specs:
    dotenv (2.0.2)
    forgery (0.6.0)
    pg (0.18.4)
    sequel (4.27.0)

PLATFORMS
  ruby

DEPENDENCIES
  dotenv
  forgery
  pg (~> 0.18.4)
  sequel

BUNDLED WITH
   1.10.6
